PATH
  remote: ../../menilite
  specs:
    menilite (0.1.0)
      sinatra-activerecord

GEM
  remote: https://rubygems.org/
  specs:
    activemodel (5.0.0.1)
      activesupport (= 5.0.0.1)
    activerecord (5.0.0.1)
      activemodel (= 5.0.0.1)
      activesupport (= 5.0.0.1)
      arel (~> 7.0)
    activesupport (5.0.0.1)
      concurrent-ruby (~> 1.0, >= 1.0.2)
      i18n (~> 0.7)
      minitest (~> 5.1)
      tzinfo (~> 1.1)
    arel (7.1.1)
    backports (3.6.8)
    bcrypt (3.1.11)
    concurrent-ruby (1.0.2)
    daemons (1.2.4)
    eventmachine (1.2.0.1)
    haml (4.0.7)
      tilt
    hike (1.2.3)
    hyalite (0.0.2)
      opal
      opal-browser
    i18n (0.7.0)
    minitest (5.9.0)
    multi_json (1.12.1)
    opal (0.10.1)
      hike (~> 1.2)
      sourcemap (~> 0.1.0)
      sprockets (~> 3.1)
      tilt (>= 1.4)
    opal-browser (0.2.0)
      opal
      paggio
    opal-haml (0.4.1)
      haml
      opal (>= 0.5.0, < 1.0.0)
    paggio (0.2.6)
    rack (1.6.4)
    rack-protection (1.5.3)
      rack
    rack-test (0.6.3)
      rack (>= 1.0)
    rake (11.2.2)
    sass (3.4.22)
    sinatra (1.4.7)
      rack (~> 1.5)
      rack-protection (~> 1.4)
      tilt (>= 1.3, < 3)
    sinatra-activerecord (2.0.10)
      activerecord (>= 3.2)
      sinatra (~> 1.0)
    sinatra-contrib (1.4.7)
      backports (>= 2.0)
      multi_json
      rack-protection
      rack-test
      sinatra (~> 1.4.0)
      tilt (>= 1.3, < 3)
    sourcemap (0.1.1)
    sprockets (3.7.0)
      concurrent-ruby (~> 1.0)
      rack (> 1, < 3)
    sqlite3 (1.3.11)
    thin (1.7.0)
      daemons (~> 1.0, >= 1.0.9)
      eventmachine (~> 1.0, >= 1.0.4)
      rack (>= 1, < 3)
    thread_safe (0.3.5)
    tilt (2.0.5)
    tzinfo (1.2.2)
      thread_safe (~> 0.1)

PLATFORMS
  ruby

DEPENDENCIES
  bcrypt
  haml
  hyalite
  menilite!
  opal-haml
  rake
  sass
  sinatra
  sinatra-contrib
  sqlite3
  thin

BUNDLED WITH
   1.12.5
